GEM
  remote: https://rubygems.org/
  specs:
    rubyzip (1.2.1)
    sqlite3 (1.3.13)

PLATFORMS
  ruby

DEPENDENCIES
  rubyzip
  sqlite3

BUNDLED WITH
   1.14.6
