GEM
  remote: https://rubygems.org/
  specs:
    rubyzip (2.3.2)
    sqlite3 (1.4.2)

PLATFORMS
  x86_64-darwin-19

DEPENDENCIES
  rubyzip
  sqlite3

RUBY VERSION
   ruby 3.0.0p0

BUNDLED WITH
   2.2.30
