GEM
  remote: https://rubygems.org/
  specs:
    rubyzip (1.2.2)
    sqlite3 (1.3.13)

PLATFORMS
  ruby

DEPENDENCIES
  rubyzip
  sqlite3

RUBY VERSION
   ruby 2.4.0p0

BUNDLED WITH
   1.17.3
